GEM
  remote: https://rubygems.org/
  specs:
    cinch (2.0.11)
    dotenv (0.9.0)
    foreman (0.63.0)
      dotenv (>= 0.7)
      thor (>= 0.13.6)
    googl (0.6.3)
      httparty (~> 0.10.0)
      json (>= 1.4.6)
    httparty (0.10.2)
      multi_json (~> 1.0)
      multi_xml (>= 0.5.2)
    json (1.8.1)
    multi_json (1.8.2)
    multi_xml (0.5.5)
    rack (1.5.2)
    rack-protection (1.5.1)
      rack
    redis (3.0.6)
    sinatra (1.4.4)
      rack (~> 1.4)
      rack-protection (~> 1.4)
      tilt (~> 1.3, >= 1.3.4)
    thor (0.18.1)
    tilt (1.4.1)

PLATFORMS
  ruby

DEPENDENCIES
  cinch
  foreman
  googl
  multi_json
  redis
  sinatra
